GEM
  remote: https://rubygems.org/
  specs:
    base64 (0.2.0)
    debug (1.9.2)
      irb (~> 1.10)
      reline (>= 0.3.8)
    haml (6.3.0)
      temple (>= 0.8.2)
      thor
      tilt
    io-console (0.7.2)
    irb (1.14.0)
      rdoc (>= 4.0.0)
      reline (>= 0.4.2)
    mustermann (3.0.2)
      ruby2_keywords (~> 0.0.1)
    pgn2 (0.4.0)
      whittle
    psych (5.1.2)
      stringio
    rack (3.1.7)
    rack-protection (4.0.0)
      base64 (>= 0.1.0)
      rack (>= 3.0.0, < 4)
    rack-session (2.0.0)
      rack (>= 3.0.0)
    rackup (2.1.0)
      rack (>= 3)
      webrick (~> 1.8)
    rdoc (6.7.0)
      psych (>= 4.0.0)
    reline (0.5.9)
      io-console (~> 0.5)
    ruby2_keywords (0.0.5)
    sinatra (4.0.0)
      mustermann (~> 3.0)
      rack (>= 3.0.0, < 4)
      rack-protection (= 4.0.0)
      rack-session (>= 2.0.0, < 3)
      tilt (~> 2.0)
    stockfish (0.3.1)
    stringio (3.1.1)
    temple (0.10.3)
    thor (1.3.2)
    tilt (2.4.0)
    webrick (1.8.1)
    whittle (0.0.8)

PLATFORMS
  ruby
  x86_64-linux-gnu

DEPENDENCIES
  debug (>= 1.0.0)
  haml
  pgn2
  rack
  rackup
  sinatra
  stockfish
  webrick

BUNDLED WITH
   2.5.17
