GEM
  remote: https://rubygems.org/
  specs:
    base64 (0.2.0)
    haml (6.3.0)
      temple (>= 0.8.2)
      thor
      tilt
    mustermann (3.0.0)
      ruby2_keywords (~> 0.0.1)
    pgn (0.3.0)
      whittle
    rack (2.2.8)
    rack-protection (3.2.0)
      base64 (>= 0.1.0)
      rack (~> 2.2, >= 2.2.4)
    ruby2_keywords (0.0.5)
    sinatra (3.2.0)
      mustermann (~> 3.0)
      rack (~> 2.2, >= 2.2.4)
      rack-protection (= 3.2.0)
      tilt (~> 2.0)
    stockfish (0.3.1)
    temple (0.10.3)
    thor (1.3.0)
    tilt (2.3.0)
    webrick (1.8.1)
    whittle (0.0.8)

PLATFORMS
  ruby
  x86_64-linux

DEPENDENCIES
  haml
  pgn
  rack
  sinatra
  stockfish
  webrick

BUNDLED WITH
   2.5.3
