GEM
  remote: https://rubygems.org/
  specs:
    base64 (0.2.0)
    concurrent-ruby (1.3.4)
    date (3.4.1)
    debug (1.10.0)
      irb (~> 1.10)
      reline (>= 0.3.8)
    haml (6.3.0)
      temple (>= 0.8.2)
      thor
      tilt
    i18n (1.14.6)
      concurrent-ruby (~> 1.0)
    io-console (0.8.0)
    irb (1.14.3)
      rdoc (>= 4.0.0)
      reline (>= 0.4.2)
    logger (1.6.4)
    minitest (5.25.4)
    mustermann (3.0.3)
      ruby2_keywords (~> 0.0.1)
    nio4r (2.7.4)
    pgn2 (0.4.0)
      whittle
    psych (5.2.2)
      date
      stringio
    puma (6.5.0)
      nio4r (~> 2.0)
    rack (3.1.8)
    rack-protection (4.1.1)
      base64 (>= 0.1.0)
      logger (>= 1.6.0)
      rack (>= 3.0.0, < 4)
    rack-session (2.1.0)
      base64 (>= 0.1.0)
      rack (>= 3.0.0)
    rack-test (2.2.0)
      rack (>= 1.3)
    rackup (2.2.1)
      rack (>= 3)
    rdoc (6.10.0)
      psych (>= 4.0.0)
    reline (0.6.0)
      io-console (~> 0.5)
    ruby2_keywords (0.0.5)
    secure_headers (7.1.0)
    sinatra (4.1.1)
      logger (>= 1.6.0)
      mustermann (~> 3.0)
      rack (>= 3.0.0, < 4)
      rack-protection (= 4.1.1)
      rack-session (>= 2.0.0, < 3)
      tilt (~> 2.0)
    stockfish (0.3.1)
    stringio (3.1.2)
    temple (0.10.3)
    thor (1.3.2)
    tilt (2.5.0)
    webrick (1.9.1)
    whittle (0.0.8)

PLATFORMS
  ruby
  x86_64-linux-gnu

DEPENDENCIES
  debug (>= 1.0.0)
  haml
  i18n
  minitest
  pgn2
  puma (>= 5.0)
  rack
  rack-test
  rackup
  secure_headers
  sinatra
  stockfish
  webrick

BUNDLED WITH
   2.6.2
